GEM
  remote: https://rubygems.org/
  specs:
    digest (3.1.1)
    ffi (1.16.3)
    json (2.7.1)
    minitest (5.22.3)
    minitest-rg (5.3.0)
      minitest (~> 5.0)
    rbnacl (7.1.1)
      ffi

PLATFORMS
  ruby
  x86_64-linux

DEPENDENCIES
  digest
  json
  minitest (~> 5.0)
  minitest-rg (~> 5.0)
  rbnacl

BUNDLED WITH
   2.5.4
