GEM
  remote: https://rubygems.org/
  specs:
    ffi (1.16.3)
    json (2.7.1)
    minitest (5.22.3)
    rbnacl (7.1.1)
      ffi

PLATFORMS
  ruby
  x86_64-linux

DEPENDENCIES
  json
  minitest
  rbnacl

BUNDLED WITH
   2.5.4
